GEM
  remote: https://rubygems.org/
  specs:
    byebug (9.0.5)
    chunky_png (1.3.6)
    minitest (5.9.0)
    rake (11.2.2)
    slop (4.4.1)

PLATFORMS
  ruby

DEPENDENCIES
  byebug
  chunky_png
  minitest
  rake
  slop (~> 4.3)

BUNDLED WITH
   1.11.2
