GEM
  remote: https://rubygems.org/
  specs:
    byebug (9.0.5)
    chunky_png (1.3.6)
    minitest (5.9.0)
    rake (11.2.2)

PLATFORMS
  ruby

DEPENDENCIES
  byebug
  chunky_png
  minitest
  rake

BUNDLED WITH
   1.11.2
